PATH
  remote: .
  specs:
    Foo-BAR (0.0.1)

GEM
  remote: https://rubygems.org/
  specs:
    rake (10.0.4)

PLATFORMS
  ruby

DEPENDENCIES
  Foo-BAR!
  bundler (~> 1.3)
  rake
